GEM
  remote: https://rubygems.org/
  specs:
    PriorityQueue (0.1.2)
    andand (1.3.3)
    geokit (1.10.0)
    kdtree (0.3)
    lrucache (0.1.4)
      PriorityQueue (~> 0.1.2)
    nearest_time_zone (0.0.4)
      andand
      kdtree
      require_all
    require_all (1.3.3)
    thread_safe (0.3.5)
    tzinfo (1.2.2)
      thread_safe (~> 0.1)

PLATFORMS
  ruby

DEPENDENCIES
  geokit
  lrucache
  nearest_time_zone
  tzinfo

BUNDLED WITH
   1.13.3
