GEM
  remote: https://rubygems.org/
  specs:
    andand (1.3.3)
    geokit (1.10.0)
    kdtree (0.3)
    nearest_time_zone (0.0.4)
      andand
      kdtree
      require_all
    rack (1.6.4)
    rack-protection (1.5.3)
      rack
    require_all (1.3.3)
    sinatra (1.4.7)
      rack (~> 1.5)
      rack-protection (~> 1.4)
      tilt (>= 1.3, < 3)
    thread_safe (0.3.5)
    tilt (2.0.5)
    tzinfo (1.2.2)
      thread_safe (~> 0.1)

PLATFORMS
  ruby

DEPENDENCIES
  geokit
  nearest_time_zone
  sinatra
  tzinfo

BUNDLED WITH
   1.13.1
