GEM
  remote: https://rubygems.org/
  specs:
    andand (1.3.3)
    ast (2.4.0)
    geokit (1.13.1)
    jaro_winkler (1.5.1)
    kdtree (0.4)
    mustermann (1.0.3)
    nearest_time_zone (0.0.4)
      andand
      kdtree
      require_all
    parallel (1.12.1)
    parser (2.5.3.0)
      ast (~> 2.4.0)
    powerpack (0.1.2)
    rack (2.0.6)
    rack-protection (2.0.4)
      rack
    rainbow (3.0.0)
    require_all (2.0.0)
    rubocop (0.61.1)
      jaro_winkler (~> 1.5.1)
      parallel (~> 1.10)
      parser (>= 2.5, != 2.5.1.1)
      powerpack (~> 0.1)
      rainbow (>= 2.2.2, < 4.0)
      ruby-progressbar (~> 1.7)
      unicode-display_width (~> 1.4.0)
    ruby-progressbar (1.10.0)
    sinatra (2.0.4)
      mustermann (~> 1.0)
      rack (~> 2.0)
      rack-protection (= 2.0.4)
      tilt (~> 2.0)
    thread_safe (0.3.6)
    tilt (2.0.9)
    tzinfo (1.2.5)
      thread_safe (~> 0.1)
    unicode-display_width (1.4.0)

PLATFORMS
  ruby

DEPENDENCIES
  geokit
  nearest_time_zone
  rubocop
  sinatra
  tzinfo

BUNDLED WITH
   1.17.1
